PATH
  remote: ..
  specs:
    bluesky (0.0.1)
      clearwater (>= 1.0.0.rc4)
      opal (>= 0.10.3)

GEM
  remote: https://rubygems.org/
  specs:
    bowser (0.2.2)
      opal (>= 0.7.0, < 0.12.0)
    clearwater (1.0.0.rc4)
      bowser (~> 0.1)
      opal (~> 0.7)
    concurrent-ruby (1.0.3)
    hike (1.2.3)
    opal (0.10.3)
      hike (~> 1.2)
      sourcemap (~> 0.1.0)
      sprockets (~> 3.1)
      tilt (>= 1.4)
    opal-activesupport (0.3.0)
      opal (>= 0.5.0, < 1.0.0)
    opal-browser (0.2.0)
      opal
      paggio
    opal-sprockets (0.4.0.0.10.0.3.0.0)
      opal (~> 0.10.0)
      sprockets (~> 3.0)
      tilt (>= 1.4)
    paggio (0.2.6)
    rack (2.0.1)
    sourcemap (0.1.1)
    sprockets (3.7.1)
      concurrent-ruby (~> 1.0)
      rack (> 1, < 3)
    tilt (2.0.5)

PLATFORMS
  ruby

DEPENDENCIES
  bluesky!
  bowser
  clearwater
  opal-activesupport
  opal-browser
  opal-sprockets
  rack

BUNDLED WITH
   1.13.3
